GEM
  remote: http://rubygems.org/
  specs:
    rack (1.4.1)
    rake (10.0.3)
    sass (3.2.5)

PLATFORMS
  ruby
  x86-mingw32

DEPENDENCIES
  rack
  rake
  sass
